GEM
  remote: http://rubygems.org/
  specs:
    actionmailer (2.3.10)
      actionpack (= 2.3.10)
    actionpack (2.3.10)
      activesupport (= 2.3.10)
      rack (~> 1.1.0)
    activerecord (2.3.10)
      activesupport (= 2.3.10)
    activeresource (2.3.10)
      activesupport (= 2.3.10)
    activesupport (2.3.10)
    attribute_normalizer (0.3.1)
    cancan (1.3.4)
    daemons (1.1.0)
    delayed_job (2.0.3)
      daemons
    devise (1.0.8)
      warden (~> 0.10.3)
    devise_invitable (0.2.3)
      devise (~> 1.0.6)
    formtastic (1.0.1)
      actionpack (>= 2.3.0, < 3.0.0)
      activesupport (>= 2.3.0, < 3.0.0)
      i18n (< 0.4)
    haml (3.0.18)
    i18n (0.3.7)
    methodchain (0.4.2)
    param_protected (1.3.0)
    pg (0.9.0)
    rack (1.1.0)
    rails (2.3.10)
      actionmailer (= 2.3.10)
      actionpack (= 2.3.10)
      activerecord (= 2.3.10)
      activeresource (= 2.3.10)
      activesupport (= 2.3.10)
      rake (>= 0.8.3)
    rake (0.8.7)
    searchlogic (2.4.25)
      activerecord (>= 2.0.0)
    validation_reflection (0.3.8)
    warden (0.10.7)
      rack (>= 1.0.0)

PLATFORMS
  ruby

DEPENDENCIES
  attribute_normalizer (= 0.3.1)
  cancan (= 1.3.4)
  delayed_job (= 2.0.3)
  devise (= 1.0.8)
  devise_invitable (= 0.2.3)
  formtastic (= 1.0.1)
  haml (= 3.0.18)
  methodchain (= 0.4.2)
  param_protected (= 1.3.0)
  pg (= 0.9.0)
  rails (= 2.3.10)
  searchlogic (= 2.4.25)
  validation_reflection (= 0.3.8)
